GEM
  remote: https://rubygems.org/
  specs:
    acme_challenge (0.1.0)
    addressable (2.5.2)
      public_suffix (>= 2.0.2, < 4.0)
    ansi (1.5.0)
    aws-eventstream (1.0.1)
    aws-partitions (1.127.0)
    aws-sdk-core (3.44.1)
      aws-eventstream (~> 1.0)
      aws-partitions (~> 1.0)
      aws-sigv4 (~> 1.0)
      jmespath (~> 1.0)
    aws-sdk-kms (1.13.0)
      aws-sdk-core (~> 3, >= 3.39.0)
      aws-sigv4 (~> 1.0)
    aws-sdk-s3 (1.30.0)
      aws-sdk-core (~> 3, >= 3.39.0)
      aws-sdk-kms (~> 1)
      aws-sigv4 (~> 1.0)
    aws-sigv4 (1.0.3)
    builder (3.2.3)
    capybara (3.12.0)
      addressable
      mini_mime (>= 0.1.3)
      nokogiri (~> 1.8)
      rack (>= 1.6.0)
      rack-test (>= 0.6.3)
      regexp_parser (~> 1.2)
      xpath (~> 3.2)
    concurrent-ruby (1.1.4)
    dimensions (1.3.0)
    docile (1.3.1)
    erubis (2.7.0)
    execjs (2.7.0)
    fakeredis (0.7.0)
      redis (>= 3.2, < 5.0)
    ffi (1.9.25)
    jmespath (1.4.0)
    json (2.1.0)
    mini_mime (1.0.1)
    mini_portile2 (2.4.0)
    minitest (5.11.3)
    minitest-reporters (1.3.5)
      ansi
      builder
      minitest (>= 5.0)
      ruby-progressbar
    multi_json (1.13.1)
    mustermann (1.0.3)
    nokogiri (1.9.1)
      mini_portile2 (~> 2.4.0)
    public_suffix (3.0.3)
    puma (3.12.0)
    pygments.rb (1.2.1)
      multi_json (>= 1.0.0)
    rack (2.0.6)
    rack-canonical-host (0.2.3)
      addressable (> 0, < 3)
      rack (>= 1.0.0, < 3)
    rack-protection (2.0.5)
      rack
    rack-ssl (1.4.1)
      rack
    rack-test (1.1.0)
      rack (>= 1.0, < 3)
    rake (12.3.2)
    rb-fsevent (0.10.3)
    rb-inotify (0.10.0)
      ffi (~> 1.0)
    redcarpet (3.4.0)
    redis (4.1.0)
    regexp_parser (1.3.0)
    ruby-progressbar (1.10.0)
    safe_yaml (1.0.4)
    sass (3.7.2)
      sass-listen (~> 4.0.0)
    sass-listen (4.0.0)
      rb-fsevent (~> 0.9, >= 0.9.4)
      rb-inotify (~> 0.9, >= 0.9.7)
    shotgun (0.9.2)
      rack (>= 1.0)
    simplecov (0.16.1)
      docile (~> 1.1)
      json (>= 1.8, < 3)
      simplecov-html (~> 0.10.0)
    simplecov-html (0.10.2)
    sinatra (2.0.5)
      mustermann (~> 1.0)
      rack (~> 2.0)
      rack-protection (= 2.0.5)
      tilt (~> 2.0)
    sprockets (3.7.2)
      concurrent-ruby (~> 1.0)
      rack (> 1, < 3)
    sprockets-sass (2.0.0.beta2)
      sprockets (>= 2.0, < 4.0)
    tilt (2.0.9)
    uglifier (4.1.20)
      execjs (>= 0.3.0, < 3)
    xpath (3.2.0)
      nokogiri (~> 1.8)

PLATFORMS
  ruby

DEPENDENCIES
  acme_challenge
  aws-sdk-s3
  capybara
  dimensions
  erubis
  fakeredis
  json
  minitest (>= 5.0)
  minitest-reporters
  nokogiri
  puma
  pygments.rb
  rack-canonical-host
  rack-ssl
  rake
  redcarpet
  redis
  safe_yaml
  sass
  shotgun
  simplecov
  sinatra
  sprockets
  sprockets-sass
  uglifier

RUBY VERSION
   ruby 2.5.3p105

BUNDLED WITH
   1.17.2
