GEM
  remote: https://rubygems.org/
  specs:
    addressable (2.3.8)
    ansi (1.5.0)
    aws-sdk (2.1.2)
      aws-sdk-resources (= 2.1.2)
    aws-sdk-core (2.1.2)
      jmespath (~> 1.0)
    aws-sdk-resources (2.1.2)
      aws-sdk-core (= 2.1.2)
    bourbon (4.2.3)
      sass (~> 3.4)
      thor
    builder (3.2.2)
    coffee-script (2.4.1)
      coffee-script-source
      execjs
    coffee-script-source (1.9.1.1)
    erubis (2.7.0)
    execjs (2.5.2)
    hike (1.2.3)
    jmespath (1.0.2)
      multi_json (~> 1.0)
    json (1.8.3)
    mini_portile (0.6.2)
    minitest (5.7.0)
    minitest-reporters (1.0.17)
      ansi
      builder
      minitest (>= 5.0)
      ruby-progressbar
    multi_json (1.11.2)
    nokogiri (1.6.6.2)
      mini_portile (~> 0.6.0)
    posix-spawn (0.3.11)
    puma (2.11.3)
      rack (>= 1.1, < 2.0)
    pygments.rb (0.6.3)
      posix-spawn (~> 0.3.6)
      yajl-ruby (~> 1.2.0)
    rack (1.6.4)
    rack-canonical-host (0.1.0)
      addressable
      rack (~> 1.0)
    rack-protection (1.5.3)
      rack
    rake (10.4.2)
    redcarpet (3.3.2)
    redis (3.2.1)
    ruby-progressbar (1.7.5)
    safe_yaml (1.0.4)
    sass (3.4.15)
    shotgun (0.9.1)
      rack (>= 1.0)
    sinatra (1.4.6)
      rack (~> 1.4)
      rack-protection (~> 1.4)
      tilt (>= 1.3, < 3)
    sprockets (2.12.4)
      hike (~> 1.2)
      multi_json (~> 1.0)
      rack (~> 1.0)
      tilt (~> 1.1, != 1.3.0)
    sprockets-sass (1.3.1)
      sprockets (~> 2.0)
      tilt (~> 1.1)
    thor (0.19.1)
    tilt (1.4.1)
    uglifier (2.7.1)
      execjs (>= 0.3.0)
      json (>= 1.8.0)
    yajl-ruby (1.2.1)

PLATFORMS
  ruby

DEPENDENCIES
  aws-sdk
  bourbon
  coffee-script
  erubis
  json
  minitest (>= 5.0)
  minitest-reporters
  nokogiri
  puma
  pygments.rb
  rack-canonical-host
  rake
  redcarpet
  redis
  safe_yaml
  sass
  shotgun
  sinatra
  sprockets
  sprockets-sass
  uglifier
